GEM
  remote: https://rubygems.org/
  specs:
    array_include_methods (1.4.0)
    chunky_png (1.4.0)
    color (1.8)
    equalizer (0.0.11)
    facets (3.1.0)
    glimmer (2.7.3)
      array_include_methods (~> 1.4.0)
      facets (>= 3.1.0, < 4.0.0)
    glimmer-dsl-libui (0.7.6)
      chunky_png (~> 1.4.0)
      color (~> 1.8)
      equalizer (= 0.0.11)
      glimmer (~> 2.7.3)
      libui (~> 0.1.2.pre)
      os (>= 1.0.0, < 2.0.0)
      perfect-shape (~> 1.0.7)
      rouge (>= 3.26.0, < 4.0.0)
      super_module (~> 1.4.1)
    graph (2.11.0)
    libui (0.1.2.pre-arm64-darwin)
    matrix (0.4.2)
    method_source (1.0.0)
    os (1.1.4)
    perfect-shape (1.0.7)
      equalizer (>= 0.0.11, < 1.1.0)
      matrix (>= 0.4.2, < 1.1.0)
    rouge (3.30.0)
    super_module (1.4.1)
      method_source (>= 0.8.2, < 1.1.0)

PLATFORMS
  arm64-darwin-21

DEPENDENCIES
  glimmer-dsl-libui
  graph

BUNDLED WITH
   2.4.13
